PATH
  remote: .
  specs:
    numbersapi (0.0.1)
      hashie (>= 4.1.0)
      httparty (>= 0.18.1)

GEM
  remote: https://rubygems.org/
  specs:
    diff-lcs (1.4.4)
    fakeweb (1.3.0)
    ffaker (2.18.0)
    hashie (4.1.0)
    httparty (0.18.1)
      mime-types (~> 3.0)
      multi_xml (>= 0.5.2)
    mime-types (3.3.1)
      mime-types-data (~> 3.2015)
    mime-types-data (3.2021.0225)
    multi_xml (0.6.0)
    rake (12.3.3)
    rspec (3.10.0)
      rspec-core (~> 3.10.0)
      rspec-expectations (~> 3.10.0)
      rspec-mocks (~> 3.10.0)
    rspec-core (3.10.1)
      rspec-support (~> 3.10.0)
    rspec-expectations (3.10.1)
      diff-lcs (>= 1.2.0, < 2.0)
      rspec-support (~> 3.10.0)
    rspec-mocks (3.10.2)
      diff-lcs (>= 1.2.0, < 2.0)
      rspec-support (~> 3.10.0)
    rspec-support (3.10.2)

PLATFORMS
  ruby

DEPENDENCIES
  fakeweb
  ffaker
  hashie
  httparty
  numbersapi!
  rake (~> 12.0)
  rspec (~> 3.0)

BUNDLED WITH
   2.1.4
